GEM
  remote: http://rubygems.org/
  specs:
    RedCloth (4.2.9)
    albino (1.3.3)
      posix-spawn (>= 0.3.6)
    certified (1.0.0)
    chunky_png (1.3.4)
    classifier (1.3.4)
      fast-stemmer (>= 1.0.0)
    compass (0.12.7)
      chunky_png (~> 1.2)
      fssm (>= 0.2.7)
      sass (~> 3.2.19)
    directory_watcher (1.5.1)
    fast-stemmer (1.0.2)
    fssm (0.2.10)
    haml (3.1.8)
    jekyll (0.11.2)
      albino (~> 1.3)
      classifier (~> 1.3)
      directory_watcher (~> 1.1)
      kramdown (~> 0.13)
      liquid (~> 2.3)
      maruku (~> 0.5)
    kramdown (0.14.2)
    liquid (2.3.0)
    maruku (0.7.2)
    mini_portile2 (2.1.0)
    nokogiri (1.6.8.1)
      mini_portile2 (~> 2.1.0)
    pdfkit (0.6.2)
    posix-spawn (0.3.11)
    puma (2.11.2)
      rack (>= 1.1, < 2.0)
    rack (1.4.5)
    rack-jekyll (0.3.5)
      jekyll
      rack
    rack-protection (1.5.3)
      rack
    rake (10.4.2)
    rdiscount (1.6.8)
    redcarpet (1.17.2)
    redis (3.2.1)
    rubypants (0.2.0)
    sass (3.2.19)
    sinatra (1.3.6)
      rack (~> 1.4)
      rack-protection (~> 1.3)
      tilt (~> 1.3, >= 1.3.3)
    sinatra-subdomain (0.1.2)
      sinatra
    stringex (1.4.0)
    tilt (1.4.1)

PLATFORMS
  ruby

DEPENDENCIES
  RedCloth (~> 4.2.9)
  certified
  compass (~> 0.12.1)
  haml (~> 3.1.6)
  jekyll (~> 0.11.2)
  liquid (~> 2.3.0)
  nokogiri
  pdfkit
  puma
  rack (~> 1.4.1)
  rack-jekyll
  rake
  rdiscount (~> 1.6.8)
  redcarpet (= 1.17.2)
  redis
  rubypants (~> 0.2.0)
  sinatra (~> 1.3.2)
  sinatra-subdomain
  stringex (~> 1.4.0)

RUBY VERSION
   ruby 1.9.3p551

BUNDLED WITH
   1.12.5
